

GROUP addins
RESTRICTION: == net45
NUGET
  remote: https://www.nuget.org/api/v2
    Cake.Codecov (0.2.1)
      Cake.Core (>= 0.17)
    Cake.Core (0.21.1)
    Cake.Figlet (0.4)
      Cake.Core (>= 0.17)
    Cake.Paket (1.2.5)

GROUP cake.paket
RESTRICTION: == net45
NUGET
  remote: https://www.nuget.org/api/v2
    StyleCop.Analyzers (1.0.2)

GROUP cake.paket.addin
RESTRICTION: == net45
NUGET
  remote: https://www.nuget.org/api/v2
    Cake.Core (0.17)

GROUP cake.paket.Module
RESTRICTION: == net45
NUGET
  remote: https://www.nuget.org/api/v2
    Cake.Core (0.21.1)
    Cake.NuGet (0.20)
      Cake.Core (>= 0.20)
      NuGet.Core (>= 2.14)
    Microsoft.Web.Xdt (2.1.1)
    NuGet.Core (2.14)
      Microsoft.Web.Xdt (>= 2.1)

GROUP cake.paket.unittests
RESTRICTION: == net45
NUGET
  remote: https://www.nuget.org/api/v2
    Cake.Core (0.21.1)
    Cake.NuGet (0.21.1)
      Cake.Core (>= 0.21.1)
      NuGet.Core (>= 2.14)
    Cake.Testing (0.21.1)
      Cake.Core (>= 0.21.1)
    FluentAssertions (4.19.3)
    Microsoft.NETCore.Platforms (1.1)
    Microsoft.Web.Xdt (2.1.1)
    NETStandard.Library (1.6.1)
      Microsoft.NETCore.Platforms (>= 1.1)
      System.Collections (>= 4.3)
      System.Collections.Concurrent (>= 4.3)
      System.Diagnostics.Debug (>= 4.3)
      System.Diagnostics.Tools (>= 4.3)
      System.Diagnostics.Tracing (>= 4.3)
      System.Globalization (>= 4.3)
      System.IO (>= 4.3)
      System.IO.Compression (>= 4.3)
      System.Linq (>= 4.3)
      System.Linq.Expressions (>= 4.3)
      System.Net.Http (>= 4.3)
      System.Net.Primitives (>= 4.3)
      System.ObjectModel (>= 4.3)
      System.Reflection (>= 4.3)
      System.Reflection.Extensions (>= 4.3)
      System.Reflection.Primitives (>= 4.3)
      System.Resources.ResourceManager (>= 4.3)
      System.Runtime (>= 4.3)
      System.Runtime.Extensions (>= 4.3)
      System.Runtime.InteropServices (>= 4.3)
      System.Runtime.InteropServices.RuntimeInformation (>= 4.3)
      System.Runtime.Numerics (>= 4.3)
      System.Text.Encoding (>= 4.3)
      System.Text.Encoding.Extensions (>= 4.3)
      System.Text.RegularExpressions (>= 4.3)
      System.Threading (>= 4.3)
      System.Threading.Tasks (>= 4.3)
      System.Xml.ReaderWriter (>= 4.3)
      System.Xml.XDocument (>= 4.3)
    NSubstitute (2.0.3)
    NuGet.Core (2.14)
      Microsoft.Web.Xdt (>= 2.1)
    System.Collections (4.3)
    System.Collections.Concurrent (4.3)
    System.Diagnostics.Debug (4.3)
    System.Diagnostics.Tools (4.3)
    System.Diagnostics.Tracing (4.3)
    System.Globalization (4.3)
    System.IO (4.3)
    System.IO.Compression (4.3)
    System.Linq (4.3)
    System.Linq.Expressions (4.3)
    System.Net.Http (4.3.2)
    System.Net.Primitives (4.3)
    System.ObjectModel (4.3)
    System.Reflection (4.3)
    System.Reflection.Extensions (4.3)
    System.Reflection.Primitives (4.3)
    System.Resources.ResourceManager (4.3)
    System.Runtime (4.3)
    System.Runtime.Extensions (4.3)
    System.Runtime.InteropServices (4.3)
    System.Runtime.InteropServices.RuntimeInformation (4.3)
    System.Runtime.Numerics (4.3)
    System.Text.Encoding (4.3)
    System.Text.Encoding.Extensions (4.3)
    System.Text.RegularExpressions (4.3)
    System.Threading (4.3)
    System.Threading.Tasks (4.3)
    System.Xml.ReaderWriter (4.3)
    System.Xml.XDocument (4.3)
    xunit (2.2)
      xunit.assert (2.2)
      xunit.core (2.2)
    xunit.abstractions (2.0.1)
    xunit.assert (2.2)
      NETStandard.Library (>= 1.6)
    xunit.core (2.2)
      xunit.extensibility.core (2.2)
      xunit.extensibility.execution (2.2)
    xunit.extensibility.core (2.2)
      NETStandard.Library (>= 1.6)
      xunit.abstractions (>= 2.0.1)
    xunit.extensibility.execution (2.2)
      NETStandard.Library (>= 1.6)
      xunit.extensibility.core (2.2)

GROUP modules
RESTRICTION: == net45
NUGET
  remote: https://www.nuget.org/api/v2
    Cake.Paket.Module (1.2.5)

GROUP tools
RESTRICTION: == net45
NUGET
  remote: https://www.nuget.org/api/v2
    Cake (0.21.1)
    Codecov (1.0.2)
    gitreleasemanager (0.6)
    GitVersion.CommandLine (3.6.5)
    OpenCover (4.6.519)
    xunit.runner.console (2.2)
